PATH
  remote: .
  specs:
    rails-dom-testing (2.0.3)
      activesupport (>= 5.0.0)
      nokogiri (>= 1.6)

GEM
  remote: https://rubygems.org/
  specs:
    activesupport (6.1.2.1)
      concurrent-ruby (~> 1.0, >= 1.0.2)
      i18n (>= 1.6, < 2)
      minitest (>= 5.1)
      tzinfo (~> 2.0)
      zeitwerk (~> 2.3)
    concurrent-ruby (1.1.8)
    i18n (1.8.9)
      concurrent-ruby (~> 1.0)
    minitest (5.10.1)
    nokogiri (1.11.1)
      racc (~> 1.4)
    racc (1.5.2)
    rake (13.0.1)
    tzinfo (2.0.4)
      concurrent-ruby (~> 1.0)
    zeitwerk (2.4.2)

PLATFORMS
  ruby

DEPENDENCIES
  bundler (>= 1.3)
  minitest
  rails-dom-testing!
  rake

BUNDLED WITH
   1.13.7
